Brain Vision Data Exchange Header File Version 1.0
; Data created by the Vision Recorder

[Common Infos]
Codepage=UTF-8
DataFile=Dod_2015_10-1.avg
MarkerFile=Dod_2015_10-1.vmrk
DataFormat=BINARY
; Data orientation: MULTIPLEXED=ch1,pt1, ch2,pt1 ...
DataOrientation=MULTIPLEXED
NumberOfChannels=3
; Sampling interval in microseconds
SamplingInterval=1000
SegmentationType=MARKERBASED
SegmentDataPoints=1100
Averaged=YES
AveragedSegments=27

[Binary Infos]
BinaryFormat=IEEE_FLOAT_32

[Channel Infos]
; Each entry: Ch<Channel number>=<Name>,<Reference channel name>,
; <Resolution in "Unit">,<Unit>, Future extensions..
; Fields are delimited by commas, some fields might be omitted (empty).
; Commas in channel names are coded as "\1".
Ch1=Fz,,1,µV
Ch2=Cz,,1,µV
Ch3=Pz,,1,µV

[Comment]

A m p l i f i e r  S e t u p
============================
Number of channels: 3
Sampling Rate [Hz]: 1000
Sampling Interval [µS]: 1000

Channels
--------
#     Name      Phys. Chn.    Resolution / Unit   Low Cutoff [s]   High Cutoff [Hz]   Notch [Hz]    Series Res. [kOhm] Gradient         Offset
1     Fz          17               0.1 µV             10              250              Off                0                 
2     Cz          18               0.1 µV             10              250              Off                0                 
3     Pz          19               0.1 µV             10              250              Off                0                 

S o f t w a r e  F i l t e r s
==============================
#     Low Cutoff [s]   High Cutoff [Hz]   Notch [Hz]
1      1.59155          15                 50
2      1.59155          15                 50
3      1.59155          15                 50



S e g m e n t a t i o n  /  A v e r a g i n g
=============================================
Markers
-------
Stimulus    S  1        

Interval
--------
Prestimulus [ms]: 100
Poststimulus [ms]: 1000

Artifact Rejection
------------------
	Gradient:        Disabled
	Max. Difference: Disabled
	Amplitude:       -110 µV to 200 µV
	Low Activity:    Disabled
	Test Interval:   0 ms to 700 ms
	Untested Channels:
		C3, C4, F3, F4, F7, F8, Fp1, Fp2, O1, O2, P3, P4, T3, T4, T5, 
		T6

Averaging
---------
	Averaging is On
	Baseline Correction is On

Miscellaneous
-------------
	Max. Segments: unlimited


Data Electrodes Selected Impedance Measurement Range: 0 - 5 kOhm
Ground Electrode Selected Impedance Measurement Range: 0 - 10 kOhm
Reference Electrode Selected Impedance Measurement Range: 0 - 10 kOhm
Impedance [kOhm] at 12:20:26 :
Fz:           3
Cz:           1
Pz:           1
Ref:          2
Gnd:          6
