Brain Vision Data Exchange Header File Version 1.0
; Data created by the Vision Recorder

[Common Infos]
Codepage=UTF-8
DataFile=DoD_2015_05.eeg
MarkerFile=DoD_2015_05.vmrk
DataFormat=BINARY
; Data orientation: MULTIPLEXED=ch1,pt1, ch2,pt1 ...
DataOrientation=MULTIPLEXED
NumberOfChannels=3
; Sampling interval in microseconds
SamplingInterval=1000

[Binary Infos]
BinaryFormat=INT_16

[Channel Infos]
; Each entry: Ch<Channel number>=<Name>,<Reference channel name>,
; <Resolution in "Unit">,<Unit>, Future extensions..
; Fields are delimited by commas, some fields might be omitted (empty).
; Commas in channel names are coded as "\1".
Ch1=Fz,,0.1,µV
Ch2=Cz,,0.1,µV
Ch3=Pz,,0.1,µV

[Comment]

A m p l i f i e r  S e t u p
============================
Number of channels: 3
Sampling Rate [Hz]: 1000
Sampling Interval [µS]: 1000

Channels
--------
#     Name      Phys. Chn.    Resolution / Unit   Low Cutoff [s]   High Cutoff [Hz]   Notch [Hz]    Series Res. [kOhm] Gradient         Offset
1     Fz          17               0.1 µV             10              250              Off                0                 
2     Cz          18               0.1 µV             10              250              Off                0                 
3     Pz          19               0.1 µV             10              250              Off                0                 

S o f t w a r e  F i l t e r s
==============================
#     Low Cutoff [s]   High Cutoff [Hz]   Notch [Hz]
1      Off              40                 Off
2      Off              40                 Off
3      Off              40                 Off


Data Electrodes Selected Impedance Measurement Range: 0 - 5 kOhm
Ground Electrode Selected Impedance Measurement Range: 0 - 10 kOhm
Reference Electrode Selected Impedance Measurement Range: 0 - 10 kOhm
Impedance [kOhm] at 10:35:03 :
Fz:           0
Cz:           0
Pz:           0
Ref:          5
Gnd:          6
